GIT
  remote: git://github.com/FriendlyId/friendly_id.git
  revision: 5c2a202a07a71faa484022b6302cbba93da6a80f
  branch: master
  specs:
    friendly_id (5.0.0.rc2)
      activerecord (~> 4.0.0)

GIT
  remote: git://github.com/svenfuchs/globalize3.git
  revision: 82b3b36308677745b261bd147dda00ed4560a25d
  branch: rails4
  specs:
    globalize3 (0.3.0)
      activemodel (>= 4.0.0)
      activerecord (>= 4.0.0)
      paper_trail (~> 3.0.0.beta)

GIT
  remote: https://8822694c4779c052130037718ba51b09d8ae7839:x-oauth-basic@github.com/sigurthor/a2_backend.git
  revision: 695fbf55ff07822b8e3f5af9eb27944515412cc9
  branch: Rails4
  specs:
    a2 (0.0.6)
      activerecord-import
      acts-as-taggable-on
      ancestry
      aws-sdk (~> 1.14.1)
      carrierwave
      carrierwave_direct
      cashier
      cloudinary
      dalli
      delayed_job_active_record
      delayed_job_active_record
      devise
      fog (~> 1.3.1)
      geocoder
      hashie (~> 1.2)
      instagram
      localeapp
      memcachier
      rails (~> 4.0.0)
      rails_admin
      rails_admin_nestable
      rails_admin_tag_list
      roo
      savon
      weary
      workless

GEM
  remote: https://rubygems.org/
  specs:
    actionmailer (4.0.0)
      actionpack (= 4.0.0)
      mail (~> 2.5.3)
    actionpack (4.0.0)
      activesupport (= 4.0.0)
      builder (~> 3.1.0)
      erubis (~> 2.7.0)
      rack (~> 1.5.2)
      rack-test (~> 0.6.2)
    activemodel (4.0.0)
      activesupport (= 4.0.0)
      builder (~> 3.1.0)
    activerecord (4.0.0)
      activemodel (= 4.0.0)
      activerecord-deprecated_finders (~> 1.0.2)
      activesupport (= 4.0.0)
      arel (~> 4.0.0)
    activerecord-deprecated_finders (1.0.3)
    activerecord-import (0.4.1)
      activerecord (>= 3.0)
    activesupport (4.0.0)
      i18n (~> 0.6, >= 0.6.4)
      minitest (~> 4.2)
      multi_json (~> 1.3)
      thread_safe (~> 0.1)
      tzinfo (~> 0.3.37)
    acts-as-taggable-on (2.4.1)
      rails (>= 3, < 5)
    addressable (2.3.5)
    akami (1.2.0)
      gyoku (>= 0.4.0)
      nokogiri (>= 1.4.0)
    ancestry (2.0.0)
      activerecord (>= 3.0.0)
    arel (4.0.0)
    atomic (1.1.14)
    aws-sdk (1.14.1)
      json (~> 1.4)
      nokogiri (< 1.6.0)
      uuidtools (~> 2.1)
    aws_cf_signer (0.1.2)
    bcrypt-ruby (3.1.2)
    bootstrap-sass (2.3.2.2)
      sass (~> 3.2)
    builder (3.1.4)
    carrierwave (0.9.0)
      activemodel (>= 3.2.0)
      activesupport (>= 3.2.0)
      json (>= 1.7)
    carrierwave_direct (0.0.13)
      carrierwave
      fog
      uuidtools
    cashier (0.4.1)
    cloudinary (1.0.63)
      aws_cf_signer
      rest-client
    coffee-rails (4.0.0)
      coffee-script (>= 2.2.0)
      railties (>= 4.0.0.beta, < 5.0)
    coffee-script (2.2.0)
      coffee-script-source
      execjs
    coffee-script-source (1.6.3)
    dalli (2.6.4)
    delayed_job (4.0.0)
      activesupport (>= 3.0, < 4.1)
    delayed_job_active_record (4.0.0)
      activerecord (>= 3.0, < 4.1)
      delayed_job (>= 3.0, < 4.1)
    devise (3.1.0)
      bcrypt-ruby (~> 3.0)
      orm_adapter (~> 0.1)
      railties (>= 3.2.6, < 5)
      thread_safe (~> 0.1)
      warden (~> 1.2.3)
    erubis (2.7.0)
    excon (0.13.4)
    execjs (2.0.1)
    faraday (0.8.8)
      multipart-post (~> 1.2.0)
    faraday_middleware (0.9.0)
      faraday (>= 0.7.4, < 0.9)
    fattr (2.2.1)
    fog (1.3.1)
      builder
      excon (~> 0.13.0)
      formatador (~> 0.2.0)
      mime-types
      multi_json (~> 1.0)
      net-scp (~> 1.0.4)
      net-ssh (>= 2.1.3)
      nokogiri (~> 1.5.0)
      ruby-hmac
    font-awesome-rails (3.2.1.3)
      railties (>= 3.2, < 5.0)
    formatador (0.2.4)
    geocoder (1.1.8)
    gli (2.7.0)
    gyoku (1.1.0)
      builder (>= 2.1.2)
    haml (4.0.3)
      tilt
    haml-rails (0.4)
      actionpack (>= 3.1, < 4.1)
      activesupport (>= 3.1, < 4.1)
      haml (>= 3.1, < 4.1)
      railties (>= 3.1, < 4.1)
    hashie (1.2.0)
    heroku-api (0.2.1)
      excon (~> 0.13.3)
    hike (1.2.3)
    httpi (2.1.0)
      rack
      rubyntlm (~> 0.3.2)
    i18n (0.6.5)
    instagram (0.10.0)
      faraday (>= 0.7, < 0.9)
      faraday_middleware (~> 0.8)
      hashie (>= 0.4.0)
      multi_json (~> 1.0, >= 1.0.3)
    jquery-rails (3.0.4)
      railties (>= 3.0, < 5.0)
      thor (>= 0.14, < 2.0)
    jquery-ui-rails (4.0.4)
      jquery-rails
      railties (>= 3.1.0)
    json (1.8.0)
    kaminari (0.14.1)
      actionpack (>= 3.0.0)
      activesupport (>= 3.0.0)
    kgio (2.8.1)
    koala (1.7.0rc1)
      addressable
      faraday
      multi_json
    localeapp (0.6.12)
      gli
      i18n
      json
      rack
      rest-client
      ya2yaml
    mail (2.5.4)
      mime-types (~> 1.16)
      treetop (~> 1.4.8)
    memcachier (0.0.2)
    mime-types (1.25)
    minitest (4.7.5)
    multi_json (1.8.0)
    multipart-post (1.2.0)
    nested_form (0.3.2)
    net-scp (1.0.4)
      net-ssh (>= 1.99.1)
    net-ssh (2.7.0)
    nokogiri (1.5.10)
    nori (2.3.0)
    orm_adapter (0.4.0)
    paper_trail (3.0.0.beta1)
      activerecord (>= 3.0, < 5.0)
    pg (0.16.0)
    polyglot (0.3.3)
    promise (0.3.0)
    rack (1.5.2)
    rack-pjax (0.7.0)
      nokogiri (~> 1.5)
      rack (~> 1.3)
    rack-test (0.6.2)
      rack (>= 1.0)
    rails (4.0.0)
      actionmailer (= 4.0.0)
      actionpack (= 4.0.0)
      activerecord (= 4.0.0)
      activesupport (= 4.0.0)
      bundler (>= 1.3.0, < 2.0)
      railties (= 4.0.0)
      sprockets-rails (~> 2.0.0)
    rails_12factor (0.0.2)
      rails_serve_static_assets
      rails_stdout_logging
    rails_admin (0.5.0)
      bootstrap-sass (~> 2.3)
      builder (~> 3.1)
      coffee-rails (~> 4.0)
      font-awesome-rails (~> 3.0)
      haml (~> 4.0)
      jquery-rails (~> 3.0)
      jquery-ui-rails (~> 4.0)
      kaminari (~> 0.14)
      nested_form (~> 0.3)
      rack-pjax (~> 0.7)
      rails (~> 4.0.0)
      remotipart (~> 1.0)
      safe_yaml (~> 0.9)
      sass-rails (~> 4.0)
    rails_admin_nestable (0.1.5)
      coffee-rails
      haml-rails
      rails (>= 3.1)
      rails_admin
      sass-rails
    rails_admin_tag_list (0.1.5)
      rails (>= 3.1)
      rails_admin (>= 0.0.1)
    rails_serve_static_assets (0.0.1)
    rails_stdout_logging (0.0.2)
    railties (4.0.0)
      actionpack (= 4.0.0)
      activesupport (= 4.0.0)
      rake (>= 0.8.7)
      thor (>= 0.18.1, < 2.0)
    raindrops (0.12.0)
    rake (10.1.0)
    remotipart (1.2.1)
    rest-client (1.6.7)
      mime-types (>= 1.16)
    roo (1.12.2)
      nokogiri
      rubyzip
      spreadsheet (> 0.6.4)
    route_downcaser (0.2.1)
    route_translator (3.1.0)
    ruby-hmac (0.4.0)
    ruby-ole (1.2.11.7)
    rubyntlm (0.3.4)
    rubyzip (0.9.9)
    rush (0.6.8)
      session
    safe_yaml (0.9.5)
    sass (3.2.10)
    sass-rails (4.0.0)
      railties (>= 4.0.0.beta, < 5.0)
      sass (>= 3.1.10)
      sprockets-rails (~> 2.0.0)
    savon (2.3.0)
      akami (~> 1.2.0)
      builder (>= 2.1.2)
      gyoku (~> 1.1.0)
      httpi (~> 2.1.0)
      nokogiri (>= 1.4.0, < 1.6)
      nori (~> 2.3.0)
      wasabi (~> 3.2.0)
    session (3.1.0)
      fattr
    simple_oauth (0.2.0)
    spreadsheet (0.8.9)
      ruby-ole (>= 1.0)
    sprockets (2.10.0)
      hike (~> 1.2)
      multi_json (~> 1.0)
      rack (~> 1.0)
      tilt (~> 1.1, != 1.3.0)
    sprockets-rails (2.0.0)
      actionpack (>= 3.0)
      activesupport (>= 3.0)
      sprockets (~> 2.8)
    thor (0.18.1)
    thread_safe (0.1.3)
      atomic
    tilt (1.4.1)
    treetop (1.4.15)
      polyglot
      polyglot (>= 0.3.1)
    tzinfo (0.3.37)
    uglifier (2.2.1)
      execjs (>= 0.3.0)
      multi_json (~> 1.0, >= 1.0.2)
    unicorn (4.6.3)
      kgio (~> 2.6)
      rack
      raindrops (~> 0.7)
    uuidtools (2.1.4)
    warden (1.2.3)
      rack (>= 1.0)
    wasabi (3.2.0)
      httpi (~> 2.0)
      nokogiri (>= 1.4.0, < 1.6)
    weary (1.1.3)
      addressable (~> 2.3)
      multi_json (~> 1.7)
      promise (~> 0.3.0)
      rack (~> 1.5)
      simple_oauth (~> 0.2)
    workless (1.2.1)
      delayed_job (>= 2.0.7)
      heroku-api
      rails
      rush
    ya2yaml (0.31)

PLATFORMS
  ruby

DEPENDENCIES
  a2!
  activerecord-deprecated_finders
  cashier
  coffee-rails (~> 4.0.0)
  friendly_id!
  globalize3!
  heroku-api
  instagram
  jquery-rails
  koala (~> 1.7.0rc1)
  localeapp
  pg
  rails (~> 4.0.0)
  rails_12factor
  route_downcaser
  route_translator
  rubyzip (= 0.9.9)
  sass-rails (~> 4.0.0)
  uglifier (>= 1.3.0)
  unicorn
